GIT
  remote: https://github.com/cowboyd/therubyracer.git
  revision: 56da5e54751feca3a1ae056001c8cc469fdd641e
  specs:
    therubyracer (0.12.3)
      libv8 (~> 3.16.14.15)
      ref

GEM
  remote: https://rubygems.org/
  specs:
    aasm (5.0.6)
      concurrent-ruby (~> 1.0)
    actioncable (5.0.1)
      actionpack (= 5.0.1)
      nio4r (~> 1.2)
      websocket-driver (~> 0.6.1)
    actionmailer (5.0.1)
      actionpack (= 5.0.1)
      actionview (= 5.0.1)
      activejob (= 5.0.1)
      mail (~> 2.5, >= 2.5.4)
      rails-dom-testing (~> 2.0)
    actionpack (5.0.1)
      actionview (= 5.0.1)
      activesupport (= 5.0.1)
      rack (~> 2.0)
      rack-test (~> 0.6.3)
      rails-dom-testing (~> 2.0)
      rails-html-sanitizer (~> 1.0, >= 1.0.2)
    actionview (5.0.1)
      activesupport (= 5.0.1)
      builder (~> 3.1)
      erubis (~> 2.7.0)
      rails-dom-testing (~> 2.0)
      rails-html-sanitizer (~> 1.0, >= 1.0.2)
    activejob (5.0.1)
      activesupport (= 5.0.1)
      globalid (>= 0.3.6)
    activemodel (5.0.1)
      activesupport (= 5.0.1)
    activerecord (5.0.1)
      activemodel (= 5.0.1)
      activesupport (= 5.0.1)
      arel (~> 7.0)
    activesupport (5.0.1)
      concurrent-ruby (~> 1.0, >= 1.0.2)
      i18n (~> 0.7)
      minitest (~> 5.1)
      tzinfo (~> 1.1)
    airbrussh (1.3.0)
      sshkit (>= 1.6.1, != 1.7.0)
    arel (7.1.4)
    autoprefixer-rails (8.5.0)
      execjs
    awesome_print (1.8.0)
    bcrypt (3.1.13)
    binding_of_caller (0.8.0)
      debug_inspector (>= 0.0.1)
    bootstrap-sass (3.3.7)
      autoprefixer-rails (>= 5.2.1)
      sass (>= 3.3.4)
    bootstrap_form (2.3.0)
    builder (3.2.3)
    byebug (10.0.2)
    capistrano (3.10.2)
      airbrussh (>= 1.0.0)
      i18n
      rake (>= 10.0.0)
      sshkit (>= 1.9.0)
    capistrano-bundler (1.3.0)
      capistrano (~> 3.1)
      sshkit (~> 1.2)
    capistrano-passenger (0.2.0)
      capistrano (~> 3.0)
    capistrano-rails (1.3.1)
      capistrano (~> 3.1)
      capistrano-bundler (~> 1.1)
    capistrano-rvm (0.1.2)
      capistrano (~> 3.0)
      sshkit (~> 1.2)
    capistrano-yarn (2.0.2)
      capistrano (~> 3.0)
    climate_control (0.2.0)
    coffee-rails (4.1.1)
      coffee-script (>= 2.2.0)
      railties (>= 4.0.0, < 5.1.x)
    coffee-script (2.4.1)
      coffee-script-source
      execjs
    coffee-script-source (1.12.2)
    concurrent-ruby (1.1.5)
    contact_us (1.0.1)
      rails (>= 4.2.0)
    crass (1.0.4)
    debug_inspector (0.0.3)
    devise (4.7.1)
      bcrypt (~> 3.0)
      orm_adapter (~> 0.1)
      railties (>= 4.1.0)
      responders
      warden (~> 1.2.3)
    erubis (2.7.0)
    execjs (2.7.0)
    ffi (1.9.23)
    figaro (1.1.1)
      thor (~> 0.14)
    globalid (0.4.1)
      activesupport (>= 4.2.0)
    high_voltage (3.0.0)
    i18n (0.9.5)
      concurrent-ruby (~> 1.0)
    jbuilder (2.7.0)
      activesupport (>= 4.2.0)
      multi_json (>= 1.2)
    jquery-rails (4.3.3)
      rails-dom-testing (>= 1, < 3)
      railties (>= 4.2.0)
      thor (>= 0.14, < 2.0)
    json (1.8.6)
    libv8 (3.16.14.19)
    loofah (2.2.2)
      crass (~> 1.0.2)
      nokogiri (>= 1.5.9)
    mail (2.7.0)
      mini_mime (>= 0.1.1)
    method_source (0.9.0)
    mime-types (3.3)
      mime-types-data (~> 3.2015)
    mime-types-data (3.2019.0904)
    mimemagic (0.3.3)
    mini_mime (1.0.0)
    mini_portile2 (2.3.0)
    minitest (5.11.3)
    multi_json (1.13.1)
    net-scp (1.2.1)
      net-ssh (>= 2.6.5)
    net-ssh (4.2.0)
    nio4r (1.2.1)
    nokogiri (1.8.2)
      mini_portile2 (~> 2.3.0)
    orm_adapter (0.5.0)
    paperclip (6.0.0)
      activemodel (>= 4.2.0)
      activesupport (>= 4.2.0)
      mime-types
      mimemagic (~> 0.3.0)
      terrapin (~> 0.6.0)
    rack (2.0.7)
    rack-test (0.6.3)
      rack (>= 1.0)
    rails (5.0.1)
      actioncable (= 5.0.1)
      actionmailer (= 5.0.1)
      actionpack (= 5.0.1)
      actionview (= 5.0.1)
      activejob (= 5.0.1)
      activemodel (= 5.0.1)
      activerecord (= 5.0.1)
      activesupport (= 5.0.1)
      bundler (>= 1.3.0, < 2.0)
      railties (= 5.0.1)
      sprockets-rails (>= 2.0.0)
    rails-dom-testing (2.0.3)
      activesupport (>= 4.2.0)
      nokogiri (>= 1.6)
    rails-html-sanitizer (1.0.4)
      loofah (~> 2.2, >= 2.2.2)
    rails_12factor (0.0.3)
      rails_serve_static_assets
      rails_stdout_logging
    rails_serve_static_assets (0.0.5)
    rails_stdout_logging (0.0.5)
    railties (5.0.1)
      actionpack (= 5.0.1)
      activesupport (= 5.0.1)
      method_source
      rake (>= 0.8.7)
      thor (>= 0.18.1, < 2.0)
    rake (12.3.1)
    rb-fsevent (0.10.3)
    rb-inotify (0.9.10)
      ffi (>= 0.5.0, < 2)
    rdoc (4.3.0)
    ref (2.0.0)
    responders (3.0.0)
      actionpack (>= 5.0)
      railties (>= 5.0)
    sass (3.5.6)
      sass-listen (~> 4.0.0)
    sass-listen (4.0.0)
      rb-fsevent (~> 0.9, >= 0.9.4)
      rb-inotify (~> 0.9, >= 0.9.7)
    sass-rails (5.0.7)
      railties (>= 4.0.0, < 6)
      sass (~> 3.1)
      sprockets (>= 2.8, < 4.0)
      sprockets-rails (>= 2.0, < 4.0)
      tilt (>= 1.1, < 3)
    sdoc (0.4.2)
      json (~> 1.7, >= 1.7.7)
      rdoc (~> 4.0)
    slim (3.0.9)
      temple (>= 0.7.6, < 0.9)
      tilt (>= 1.3.3, < 2.1)
    slim-rails (3.1.3)
      actionpack (>= 3.1)
      railties (>= 3.1)
      slim (~> 3.0)
    spring (2.0.2)
      activesupport (>= 4.2)
    sprockets (3.7.2)
      concurrent-ruby (~> 1.0)
      rack (> 1, < 3)
    sprockets-rails (3.2.1)
      actionpack (>= 4.0)
      activesupport (>= 4.0)
      sprockets (>= 3.0.0)
    sqlite3 (1.3.13)
    sshkit (1.16.0)
      net-scp (>= 1.1.2)
      net-ssh (>= 2.8.0)
    temple (0.8.0)
    terrapin (0.6.0)
      climate_control (>= 0.0.3, < 1.0)
    thor (0.20.0)
    thread_safe (0.3.6)
    tilt (2.0.8)
    turbolinks (5.1.1)
      turbolinks-source (~> 5.1)
    turbolinks-source (5.1.0)
    tzinfo (1.2.5)
      thread_safe (~> 0.1)
    uglifier (4.1.10)
      execjs (>= 0.3.0, < 3)
    warden (1.2.7)
      rack (>= 1.0)
    web-console (2.3.0)
      activemodel (>= 4.0)
      binding_of_caller (>= 0.7.2)
      railties (>= 4.0)
      sprockets-rails (>= 2.0, < 4.0)
    websocket-driver (0.6.5)
      websocket-extensions (>= 0.1.0)
    websocket-extensions (0.1.3)

PLATFORMS
  ruby

DEPENDENCIES
  aasm (= 5.0.6)
  awesome_print
  bootstrap-sass (= 3.3.7)
  bootstrap_form (= 2.3.0)
  byebug
  capistrano (~> 3.10)
  capistrano-bundler (~> 1.3.0)
  capistrano-passenger (~> 0.2.0)
  capistrano-rails (~> 1.3)
  capistrano-rvm
  capistrano-yarn
  coffee-rails (~> 4.1.0)
  contact_us (~> 1.0.1)
  devise
  execjs
  figaro
  high_voltage (~> 3.0.0)
  jbuilder (~> 2.0)
  jquery-rails
  paperclip (~> 6.0.0)
  rails (= 5.0.1)
  rails_12factor
  rails_serve_static_assets
  sass-rails (~> 5.0)
  sdoc (~> 0.4.0)
  slim-rails
  spring
  sqlite3
  therubyracer!
  turbolinks
  uglifier (>= 1.3.0)
  web-console (~> 2.0)

RUBY VERSION
   ruby 2.4.1p111

BUNDLED WITH
   1.16.6
